GEM
  remote: https://rubygems.org/
  specs:
    rack (2.2.10)

PLATFORMS
  x86_64-linux

DEPENDENCIES
  rack (= 2.2.10)

RUBY VERSION
   ruby 3.0.3p157

BUNDLED WITH
   2.3.12
