GEM
  remote: https://rubygems.org/
  specs:
    rack (3.1.8)

PLATFORMS
  x86_64-linux

DEPENDENCIES
  rack (= 3.1.8)

RUBY VERSION
   ruby 3.0.3p157

BUNDLED WITH
   2.3.12
